GIT
  remote: git://github.com/jipiboily/fourchette.git
  revision: e6b69c86de5d519b77dd695a9da106cf1b7d6840
  specs:
    fourchette (0.0.2)
      bundler (~> 1.5)
      git (~> 1.2.6)
      heroics (= 0.0.2)
      heroku (~> 3.3.0)
      octokit (~> 3.0.0)
      rake
      sinatra (~> 1.4.4)
      sinatra-contrib (~> 1.4.2)
      sucker_punch (~> 1.0.2)

GEM
  remote: http://rubygems.org/
  specs:
    addressable (2.3.6)
    backports (3.6.0)
    celluloid (0.15.2)
      timers (~> 1.1.0)
    cloudflare (2.0.1)
      json (~> 1)
    coderay (1.1.0)
    columnize (0.3.6)
    debugger (1.6.6)
      columnize (>= 0.3.1)
      debugger-linecache (~> 1.2.0)
      debugger-ruby_core_source (~> 1.3.2)
    debugger-linecache (1.2.0)
    debugger-ruby_core_source (1.3.2)
    excon (0.32.1)
    faraday (0.9.0)
      multipart-post (>= 1.2, < 3)
    git (1.2.6)
    heroics (0.0.2)
      excon
      moneta
      multi_json
      netrc
    heroku (3.3.0)
      heroku-api (~> 0.3.17)
      launchy (>= 0.3.2)
      netrc (~> 0.7.7)
      rest-client (~> 1.6.1)
      rubyzip
    heroku-api (0.3.18)
      excon (~> 0.27)
      multi_json (~> 1.8)
    json (1.8.1)
    launchy (2.4.2)
      addressable (~> 2.3)
    method_source (0.8.2)
    mime-types (2.2)
    moneta (0.7.20)
    multi_json (1.9.2)
    multipart-post (2.0.0)
    netrc (0.7.7)
    octokit (3.0.0)
      sawyer (~> 0.5.3)
    pry (0.9.12.6)
      coderay (~> 1.0)
      method_source (~> 0.8)
      slop (~> 3.4)
    pry-debugger (0.2.2)
      debugger (~> 1.3)
      pry (~> 0.9.10)
    puma (2.7.1)
      rack (>= 1.1, < 2.0)
    rack (1.5.2)
    rack-protection (1.5.2)
      rack
    rack-test (0.6.2)
      rack (>= 1.0)
    rake (10.2.2)
    rest-client (1.6.7)
      mime-types (>= 1.16)
    rubyzip (1.1.2)
    sawyer (0.5.4)
      addressable (~> 2.3.5)
      faraday (~> 0.8, < 0.10)
    sinatra (1.4.4)
      rack (~> 1.4)
      rack-protection (~> 1.4)
      tilt (~> 1.3, >= 1.3.4)
    sinatra-contrib (1.4.2)
      backports (>= 2.0)
      multi_json
      rack-protection
      rack-test
      sinatra (~> 1.4.0)
      tilt (~> 1.3)
    slop (3.5.0)
    sucker_punch (1.0.3)
      celluloid (~> 0.15.2)
    tilt (1.4.1)
    timers (1.1.0)

PLATFORMS
  ruby

DEPENDENCIES
  cloudflare
  fourchette!
  pry-debugger
  puma
